PATH
  remote: ../omniauth_openid_connect
  specs:
    omniauth_openid_connect (0.3.5)
      addressable (~> 2.5)
      omniauth (>= 2.0, < 3)
      openid_connect (~> 1.1)

PATH
  remote: .
  specs:
    omniauth-siwe (0.1.0)
      bcrypt
      omniauth
      siwe

GEM
  remote: https://rubygems.org/
  specs:
    activemodel (7.0.1)
      activesupport (= 7.0.1)
    activesupport (7.0.1)
      concurrent-ruby (~> 1.0, >= 1.0.2)
      i18n (>= 1.6, < 2)
      minitest (>= 5.1)
      tzinfo (~> 2.0)
    addressable (2.8.0)
      public_suffix (>= 2.0.2, < 5.0)
    aes_key_wrap (1.1.0)
    attr_required (1.0.1)
    bcrypt (3.1.16)
    bindata (2.4.10)
    concurrent-ruby (1.1.9)
    eth (0.4.17)
      ffi (~> 1.15)
      keccak (~> 1.3)
      money-tree (~> 0.10)
      rlp (~> 0.7)
      scrypt (~> 3.0)
    ffi (1.15.4)
    ffi-compiler (1.0.1)
      ffi (>= 1.0.0)
      rake
    hashie (5.0.0)
    httpclient (2.8.3)
    i18n (1.8.11)
      concurrent-ruby (~> 1.0)
    json-jwt (1.13.0)
      activesupport (>= 4.2)
      aes_key_wrap
      bindata
    keccak (1.3.0)
    mail (2.7.1)
      mini_mime (>= 0.1.1)
    mini_mime (1.1.2)
    minitest (5.15.0)
    money-tree (0.10.0)
      ffi
    omniauth (2.0.4)
      hashie (>= 3.4.6)
      rack (>= 1.6.2, < 3)
      rack-protection
    openid_connect (1.3.0)
      activemodel
      attr_required (>= 1.0.0)
      json-jwt (>= 1.5.0)
      rack-oauth2 (>= 1.6.1)
      swd (>= 1.0.0)
      tzinfo
      validate_email
      validate_url
      webfinger (>= 1.0.1)
    public_suffix (4.0.6)
    rack (2.2.3)
    rack-oauth2 (1.19.0)
      activesupport
      attr_required
      httpclient
      json-jwt (>= 1.11.0)
      rack (>= 2.1.0)
    rack-protection (2.1.0)
      rack
    rake (13.0.6)
    rlp (0.7.3)
    scrypt (3.0.7)
      ffi-compiler (>= 1.0, < 2.0)
    siwe (0.1.4)
      eth (~> 0.4.17)
    swd (1.3.0)
      activesupport (>= 3)
      attr_required (>= 0.0.5)
      httpclient (>= 2.4)
    tzinfo (2.0.4)
      concurrent-ruby (~> 1.0)
    validate_email (0.1.6)
      activemodel (>= 3.0)
      mail (>= 2.2.5)
    validate_url (1.0.13)
      activemodel (>= 3.0.0)
      public_suffix
    webfinger (1.2.0)
      activesupport
      httpclient (>= 2.4)

PLATFORMS
  x86_64-linux

DEPENDENCIES
  omniauth-siwe!
  omniauth_openid_connect!
  rake (~> 13.0)

BUNDLED WITH
   2.3.4
